GEM
  remote: https://rubygems.org/
  specs:
    addressable (2.8.0)
      public_suffix (>= 2.0.2, < 5.0)
    concurrent-ruby (1.1.9)
    cool.io (1.5.4)
    digest-crc (0.6.3)
      rake (>= 12.0.0, < 14.0.0)
    domain_name (0.5.20190701)
      unf (>= 0.0.5, < 1.0.0)
    elasticsearch (7.13.1)
      elasticsearch-api (= 7.13.1)
      elasticsearch-transport (= 7.13.1)
    elasticsearch-api (7.13.1)
      multi_json
    elasticsearch-transport (7.13.1)
      faraday (~> 1)
      multi_json
    excon (0.83.0)
    faraday (1.4.3)
      faraday-em_http (~> 1.0)
      faraday-em_synchrony (~> 1.0)
      faraday-excon (~> 1.1)
      faraday-net_http (~> 1.0)
      faraday-net_http_persistent (~> 1.1)
      multipart-post (>= 1.2, < 3)
      ruby2_keywords (>= 0.0.4)
    faraday-em_http (1.0.0)
    faraday-em_synchrony (1.0.0)
    faraday-excon (1.1.0)
    faraday-net_http (1.0.1)
    faraday-net_http_persistent (1.1.0)
    ffi (1.15.3)
    ffi-compiler (1.0.1)
      ffi (>= 1.0.0)
      rake
    fluent-config-regexp-type (1.0.0)
      fluentd (> 1.0.0, < 2)
    fluent-plugin-concat (2.4.0)
      fluentd (>= 0.14.0, < 2)
    fluent-plugin-elasticsearch (3.8.0)
      elasticsearch
      excon
      fluentd (>= 0.14.22)
    fluent-plugin-kafka (0.12.4)
      fluentd (>= 0.10.58, < 2)
      ltsv
      ruby-kafka (>= 0.7.8, < 0.8.0)
    fluent-plugin-kubernetes_metadata_filter (2.7.2)
      fluentd (>= 0.14.0, < 1.14)
      kubeclient (< 5)
      lru_redux
    fluent-plugin-multi-format-parser (1.0.0)
      fluentd (>= 0.14.0, < 2)
    fluent-plugin-prometheus (1.7.3)
      fluentd (>= 0.14.20, < 2)
      prometheus-client (< 0.10)
    fluent-plugin-remote_syslog_tls (1.0.2)
      fluentd
      remote_syslog_sender_tls (>= 1.2.5)
    fluent-plugin-rewrite-tag-filter (2.2.0)
      fluent-config-regexp-type
      fluentd (>= 0.14.2, < 2)
    fluent-plugin-splunk-enterprise (0.10.2)
      fluentd (>= 0.12.0)
      httpclient
      json
    fluentd (1.13.1)
      bundler
      cool.io (>= 1.4.5, < 2.0.0)
      http_parser.rb (>= 0.5.1, < 0.7.0)
      msgpack (>= 1.3.1, < 2.0.0)
      serverengine (>= 2.2.2, < 3.0.0)
      sigdump (~> 0.2.2)
      strptime (>= 0.2.2, < 1.0.0)
      tzinfo (>= 1.0, < 3.0)
      tzinfo-data (~> 1.0)
      webrick (>= 1.4.2, < 1.8.0)
      yajl-ruby (~> 1.0)
    http (4.4.1)
      addressable (~> 2.3)
      http-cookie (~> 1.0)
      http-form_data (~> 2.2)
      http-parser (~> 1.2.0)
    http-accept (1.7.0)
    http-cookie (1.0.4)
      domain_name (~> 0.5)
    http-form_data (2.3.0)
    http-parser (1.2.3)
      ffi-compiler (>= 1.0, < 2.0)
    http_parser.rb (0.6.0)
    httpclient (2.8.3)
    json (2.3.1)
    jsonpath (1.1.0)
      multi_json
    kubeclient (4.9.2)
      http (>= 3.0, < 5.0)
      jsonpath (~> 1.0)
      recursive-open-struct (~> 1.1, >= 1.1.1)
      rest-client (~> 2.0)
    lru_redux (1.1.0)
    ltsv (0.1.2)
    mime-types (3.3.1)
      mime-types-data (~> 3.2015)
    mime-types-data (3.2021.0704)
    msgpack (1.4.2)
    multi_json (1.15.0)
    multipart-post (2.1.1)
    netrc (0.11.0)
    oj (3.10.18)
    prometheus-client (0.9.0)
      quantile (~> 0.2.1)
    public_suffix (4.0.6)
    quantile (0.2.1)
    rake (13.0.3)
    recursive-open-struct (1.1.3)
    remote_syslog_sender_tls (1.2.5)
      syslog_protocol
    rest-client (2.1.0)
      http-accept (>= 1.7.0, < 2.0)
      http-cookie (>= 1.0.2, < 2.0)
      mime-types (>= 1.16, < 4.0)
      netrc (~> 0.8)
    ruby-kafka (0.7.10)
      digest-crc
    ruby2_keywords (0.0.4)
    serverengine (2.2.4)
      sigdump (~> 0.2.2)
    sigdump (0.2.4)
    strptime (0.2.5)
    syslog_protocol (0.9.2)
    tzinfo (2.0.4)
      concurrent-ruby (~> 1.0)
    tzinfo-data (1.2021.1)
      tzinfo (>= 1.0.0)
    unf (0.1.4)
      unf_ext
    unf_ext (0.0.7.7)
    webrick (1.7.0)
    yajl-ruby (1.4.2)
    zookeeper (1.4.11)

PLATFORMS
  ruby

DEPENDENCIES
  cool.io (~> 1.5.4)
  fluent-plugin-concat (~> 2.4.0)
  fluent-plugin-elasticsearch (~> 3.8.0)
  fluent-plugin-kafka (~> 0.12.1)
  fluent-plugin-kubernetes_metadata_filter (~> 2.7.2)
  fluent-plugin-multi-format-parser (~> 1.0.0)
  fluent-plugin-prometheus (~> 1.7.0)
  fluent-plugin-remote_syslog_tls (~> 1.0.2)
  fluent-plugin-rewrite-tag-filter (~> 2.2.0)
  fluent-plugin-splunk-enterprise (~> 0.10.0)
  fluentd (~> 1.13.1)
  json (~> 2.3.0)
  oj (~> 3.10.0)
  zookeeper (~> 1.4.11)

BUNDLED WITH
   2.2.25
